GEM
  remote: https://rubygems.org/
  specs:
    activesupport (5.2.2)
      concurrent-ruby (~> 1.0, >= 1.0.2)
      i18n (>= 0.7, < 2)
      minitest (~> 5.1)
      tzinfo (~> 1.1)
    assert_json (0.4.1)
      activesupport
    bcrypt (3.1.12)
    builder (3.2.3)
    coderay (1.1.2)
    concurrent-ruby (1.1.4)
    deep_merge (1.2.1)
    domain_name (0.5.20180417)
      unf (>= 0.0.5, < 1.0.0)
    http-cookie (1.0.3)
      domain_name (~> 0.5)
    i18n (1.3.0)
      concurrent-ruby (~> 1.0)
    json (2.1.0)
    json_builder (3.1.7)
      activesupport (>= 2.0.0)
      json
    markaby (0.9.0)
      builder
    method_source (0.9.2)
    mime-types (3.2.2)
      mime-types-data (~> 3.2015)
    mime-types-data (3.2018.0812)
    mini_portile2 (2.4.0)
    minitest (5.11.3)
    netrc (0.11.0)
    nokogiri (1.9.1)
      mini_portile2 (~> 2.4.0)
    parallel (1.12.1)
    process_builder (1.1.0)
    pry (0.12.2)
      coderay (~> 1.1.0)
      method_source (~> 0.9.0)
    rake (12.3.2)
    rake-rspec (0.0.1)
    rest-client (2.0.2)
      http-cookie (>= 1.0.2, < 2.0)
      mime-types (>= 1.16, < 4.0)
      netrc (~> 0.8)
    rspec-core (3.8.0)
      rspec-support (~> 3.8.0)
    rspec-support (3.8.0)
    ruby-jmeter (3.1.08)
      nokogiri
      rest-client
    rubyzip (1.2.2)
    thread_safe (0.3.6)
    tzinfo (1.2.5)
      thread_safe (~> 0.1)
    unf (0.1.4)
      unf_ext
    unf_ext (0.0.7.5)

PLATFORMS
  ruby
  x86_64-darwin-16

DEPENDENCIES
  assert_json
  bcrypt
  deep_merge
  json_builder
  markaby
  parallel
  process_builder
  pry
  rake
  rake-rspec
  rest-client
  rspec-core
  ruby-jmeter
  rubyzip

BUNDLED WITH
   1.16.6
